PATH
  remote: .
  specs:
    leetchi-wallet-services (1.0.0)
      json (~> 1.7.7)
      multipart-post (~> 1.2.0)

GEM
  remote: https://rubygems.org/
  specs:
    addressable (2.3.3)
    capybara (2.0.2)
      mime-types (>= 1.16)
      nokogiri (>= 1.3.3)
      rack (>= 1.0.0)
      rack-test (>= 0.5.4)
      selenium-webdriver (~> 2.0)
      xpath (~> 1.0.0)
    capybara-webkit (0.14.2)
      capybara (~> 2.0, >= 2.0.2)
      json
    childprocess (0.3.8)
      ffi (~> 1.0, >= 1.0.11)
    crack (0.3.2)
    diff-lcs (1.2.1)
    ffi (1.4.0)
    json (1.7.7)
    mime-types (1.21)
    multi_json (1.6.1)
    multipart-post (1.2.0)
    nokogiri (1.5.6)
    rack (1.5.2)
    rack-test (0.6.2)
      rack (>= 1.0)
    rake (10.0.3)
    rspec (2.13.0)
      rspec-core (~> 2.13.0)
      rspec-expectations (~> 2.13.0)
      rspec-mocks (~> 2.13.0)
    rspec-core (2.13.1)
    rspec-expectations (2.13.0)
      diff-lcs (>= 1.1.3, < 2.0)
    rspec-mocks (2.13.0)
    rubyzip (0.9.9)
    selenium-webdriver (2.30.0)
      childprocess (>= 0.2.5)
      multi_json (~> 1.0)
      rubyzip
      websocket (~> 1.0.4)
    spork (0.9.2)
    vcr (2.4.0)
    webmock (1.11.0)
      addressable (>= 2.2.7)
      crack (>= 0.3.2)
    websocket (1.0.7)
    xpath (1.0.0)
      nokogiri (~> 1.3)

PLATFORMS
  ruby

DEPENDENCIES
  capybara (~> 2.0.2)
  capybara-webkit (~> 0.14.2)
  leetchi-wallet-services!
  rake (~> 10.0.3)
  rspec (~> 2.13.0)
  spork (~> 0.9.2)
  vcr (~> 2.4.0)
  webmock (~> 1.11.0)
